PATH
  remote: /home/blake/dev/my/smartdict/smartdict-core
  specs:
    smartdict-core (0.0.0)
      activesupport
      configatron
      dm-core
      dm-migrations
      dm-sqlite-adapter
      dm-validations

PATH
  remote: /home/blake/dev/my/smartdict/smartdict-icons
  specs:
    smartdict-icons (0.0.0)

GEM
  remote: http://rubygems.org/
  specs:
    activesupport (3.2.2)
      i18n (~> 0.6)
      multi_json (~> 1.0)
    addressable (2.2.7)
    atk (1.1.2)
      glib2 (>= 1.1.2)
    builder (3.0.0)
    cairo (1.10.2)
      pkg-config
    configatron (2.9.0)
      yamler (>= 0.1.0)
    data_objects (0.10.8)
      addressable (~> 2.1)
    diff-lcs (1.1.3)
    dm-core (1.2.0)
      addressable (~> 2.2.6)
    dm-do-adapter (1.2.0)
      data_objects (~> 0.10.6)
      dm-core (~> 1.2.0)
    dm-enum (0.0.3)
      dm-core
    dm-migrations (1.2.0)
      dm-core (~> 1.2.0)
    dm-sqlite-adapter (1.2.0)
      dm-do-adapter (~> 1.2.0)
      do_sqlite3 (~> 0.10.6)
    dm-validations (1.2.0)
      dm-core (~> 1.2.0)
    do_sqlite3 (0.10.8)
      data_objects (= 0.10.8)
    gdk_pixbuf2 (1.1.2)
      glib2 (>= 1.1.2)
    git (1.2.5)
    glib2 (1.1.2)
      pkg-config
    gtk2 (1.1.2)
      atk (>= 1.1.2)
      gdk_pixbuf2 (>= 1.1.2)
      pango (>= 1.1.2)
    i18n (0.6.0)
    jeweler (1.6.4)
      bundler (~> 1.0)
      git (>= 1.2.5)
      rake
    multi_json (1.1.0)
    pango (1.1.2)
      cairo (>= 1.10.0)
      glib2 (>= 1.1.2)
    pkg-config (1.1.3)
    rake (0.9.2.2)
    rspec (2.3.0)
      rspec-core (~> 2.3.0)
      rspec-expectations (~> 2.3.0)
      rspec-mocks (~> 2.3.0)
    rspec-core (2.3.1)
    rspec-expectations (2.3.0)
      diff-lcs (~> 1.1.2)
    rspec-mocks (2.3.0)
    yamler (0.1.0)

PLATFORMS
  ruby

DEPENDENCIES
  builder
  bundler (~> 1.1.2)
  dm-enum
  gtk2
  jeweler (~> 1.6.4)
  rspec (~> 2.3.0)
  smartdict-core!
  smartdict-icons!
